GEM
  remote: https://rubygems.org/
  specs:
    activesupport (4.2.1)
      i18n (~> 0.7)
      json (~> 1.7, >= 1.7.7)
      minitest (~> 5.1)
      thread_safe (~> 0.3, >= 0.3.4)
      tzinfo (~> 1.1)
    ansi (1.5.0)
    builder (3.2.4)
    concurrent-ruby (1.2.2)
    gemspec (0.3.1)
      activesupport (= 4.2.1)
      memoist (= 0.12.0)
      rake (~> 10.4)
    i18n (0.9.5)
      concurrent-ruby (~> 1.0)
    json (1.8.6)
    memoist (0.12.0)
    minitest (5.20.0)
    minitest-reporters (1.6.1)
      ansi
      builder
      minitest (>= 5.0)
      ruby-progressbar
    rake (10.5.0)
    ruby-progressbar (1.13.0)
    stamp (0.6.0)
    thread_safe (0.3.6)
    tzinfo (1.2.11)
      thread_safe (~> 0.1)

PLATFORMS
  x86_64-darwin-22

DEPENDENCIES
  gemspec
  minitest (~> 5.10)
  minitest-reporters (~> 1.1)
  rake
  stamp

RUBY VERSION
   ruby 3.0.0p0

BUNDLED WITH
   2.2.3
